PATH
  remote: .
  specs:
    L2 (0.5.2)
      cli-ui (~> 2.2.3)
      ruby_cowsay (~> 0.1.3)

GEM
  remote: https://rubygems.org/
  specs:
    awesome_print (1.9.2)
    cli-ui (2.2.3)
    colorize (1.1.0)
    diff-lcs (1.5.0)
    rspec (3.12.0)
      rspec-core (~> 3.12.0)
      rspec-expectations (~> 3.12.0)
      rspec-mocks (~> 3.12.0)
    rspec-core (3.12.2)
      rspec-support (~> 3.12.0)
    rspec-expectations (3.12.3)
      diff-lcs (>= 1.2.0, < 2.0)
      rspec-support (~> 3.12.0)
    rspec-mocks (3.12.6)
      diff-lcs (>= 1.2.0, < 2.0)
      rspec-support (~> 3.12.0)
    rspec-support (3.12.1)
    ruby_cowsay (0.1.3)

PLATFORMS
  x86_64-darwin-22

DEPENDENCIES
  L2!
  awesome_print (~> 1.9)
  cli-ui
  colorize (~> 1.1)
  rspec (~> 3.0)

BUNDLED WITH
   2.4.18
